GEM
  remote: http://rubygems.org/
  specs:
    builder (3.0.0)
    cassandra (0.12.1)
      json
      rake
      simple_uuid (>= 0.2.0)
      thrift_client (>= 0.7.0)
    cucumber (1.1.4)
      builder (>= 2.1.2)
      diff-lcs (>= 1.1.2)
      gherkin (~> 2.7.1)
      json (>= 1.4.6)
      term-ansicolor (>= 1.0.6)
    diff-lcs (1.1.3)
    eventmachine (0.12.10)
    facets (2.9.2)
    gherkin (2.7.1)
      json (>= 1.4.6)
    json (1.6.3)
    metaclass (0.0.1)
    mocha (0.10.0)
      metaclass (~> 0.0.1)
    rake (0.9.2.2)
    require_all (1.2.1)
    rspec (2.7.0)
      rspec-core (~> 2.7.0)
      rspec-expectations (~> 2.7.0)
      rspec-mocks (~> 2.7.0)
    rspec-core (2.7.1)
    rspec-expectations (2.7.0)
      diff-lcs (~> 1.1.2)
    rspec-mocks (2.7.0)
    simple_uuid (0.2.0)
    term-ansicolor (1.0.7)
    thrift (0.7.0)
    thrift_client (0.7.1)
      thrift (~> 0.7.0)

PLATFORMS
  ruby

DEPENDENCIES
  cassandra (~> 0.12.1)
  cucumber (~> 1.1.4)
  eventmachine (~> 0.12.10)
  facets (~> 2.9.2)
  mocha (~> 0.10.0)
  require_all (~> 1.2.1)
  rspec (~> 2.7.0)
